GEM
  remote: https://rubygems.org/
  specs:
    coderay (1.1.3)
    colorize (0.8.1)
    geocoder (1.6.3)
    json (2.3.1)
    method_source (1.0.0)
    mini_portile2 (2.5.1)
    nokogiri (1.11.4)
      mini_portile2 (~> 2.5.0)
      racc (~> 1.4)
    pry (0.13.1)
      coderay (~> 1.1)
      method_source (~> 1.0)
    racc (1.5.2)

PLATFORMS
  ruby

DEPENDENCIES
  colorize
  geocoder
  json
  nokogiri
  pry

BUNDLED WITH
   2.1.4
